GEM
  remote: http://rubygems.org/
  specs:
    aasm (2.0.2)
    actionmailer (2.3.8)
      actionpack (= 2.3.8)
    actionpack (2.3.8)
      activesupport (= 2.3.8)
      rack (~> 1.1.0)
    activerecord (2.3.8)
      activesupport (= 2.3.8)
    activeresource (2.3.8)
      activesupport (= 2.3.8)
    activesupport (2.3.8)
    after_commit (1.0.8)
      activerecord (< 3.0.0)
    capistrano (2.11.2)
      highline
      net-scp (>= 1.0.0)
      net-sftp (>= 2.0.0)
      net-ssh (>= 2.0.14)
      net-ssh-gateway (>= 1.1.0)
    capistrano-ext (1.2.1)
      capistrano (>= 1.0.0)
    capistrano_colors (0.5.5)
    carrierwave (0.4.10)
    daemons (1.0.10)
    delayed_job (2.0.3)
      daemons
    ezcrypto (0.7.2)
    factory_girl (1.3.3)
    faker (0.3.1)
    fastercsv (1.5.5)
    ffi (1.0.11)
    guard (1.0.0)
      ffi (>= 0.5.0)
      thor (~> 0.14.6)
    guard-bundler (0.1.3)
      bundler (>= 1.0.0)
      guard (>= 0.2.2)
    guard-rspec (0.6.0)
      guard (>= 0.10.0)
    has_scope (0.4.2)
    hashie (1.2.0)
    highline (1.6.11)
    i18n (0.4.2)
    inherited_resources (1.0.3)
      has_scope (~> 0.4.2)
      responders (~> 0.4.3)
    json (1.2.4)
    kgio (2.7.2)
    linkedin (0.3.7)
    metaclass (0.0.1)
    mime-types (1.17.2)
    mocha (0.10.5)
      metaclass (~> 0.0.1)
    multi_json (1.1.0)
    mysql (2.8.1)
    net-scp (1.0.4)
      net-ssh (>= 1.99.1)
    net-sftp (2.0.5)
      net-ssh (>= 2.0.9)
    net-ssh (2.3.0)
    net-ssh-gateway (1.1.0)
      net-ssh (>= 1.99.1)
    oauth (0.4.3)
    rack (1.1.3)
    rails (2.3.8)
      actionmailer (= 2.3.8)
      actionpack (= 2.3.8)
      activerecord (= 2.3.8)
      activeresource (= 2.3.8)
      activesupport (= 2.3.8)
      rake (>= 0.8.3)
    raindrops (0.8.0)
    rake (0.8.7)
    rcov (1.0.0)
    rdoc (3.9.4)
    redgreen (1.2.2)
    responders (0.4.7)
    rest-client (1.6.1)
      mime-types (>= 1.16)
    riddle (1.2.1)
    rmagick (2.5.1)
    rspec (1.3.2)
    rspec-rails (1.3.4)
      rack (>= 1.0.0)
      rspec (~> 1.3.1)
    rufus-scheduler (1.0.11)
    rvm-capistrano (1.0.2)
      capistrano (>= 2.0.0)
    shoulda (2.10.1)
    thinking-sphinx (1.3.3)
      activerecord (>= 1.15.6)
      after_commit (>= 1.0.2)
      riddle (>= 1.0.0)
    thor (0.14.6)
    ts-delayed-delta (1.0.0)
      delayed_job (>= 1.8.4)
    unicorn (4.2.0)
      kgio (~> 2.6)
      rack
      raindrops (~> 0.7)
    will_paginate (2.3.11)
    xml-simple (1.0.12)

PLATFORMS
  ruby

DEPENDENCIES
  aasm (= 2.0.2)
  after_commit (= 1.0.8)
  capistrano
  capistrano-ext
  capistrano_colors
  carrierwave (~> 0.4.10)
  daemons (= 1.0.10)
  delayed_job (= 2.0.3)
  ezcrypto (= 0.7.2)
  factory_girl (~> 1.3.3)
  faker (= 0.3.1)
  fastercsv (~> 1.5.5)
  guard
  guard-bundler
  guard-rspec
  has_scope (= 0.4.2)
  hashie
  i18n (= 0.4.2)
  inherited_resources (= 1.0.3)
  json (= 1.2.4)
  linkedin
  mocha
  multi_json
  mysql (= 2.8.1)
  oauth (= 0.4.3)
  rails (= 2.3.8)
  rake (= 0.8.7)
  rcov
  rdoc (~> 3.9.4)
  redgreen
  responders (= 0.4.7)
  rest-client (= 1.6.1)
  riddle (= 1.2.1)
  rmagick (= 2.5.1)
  rspec (~> 1.3.1)
  rspec-rails (~> 1.3.3)
  rufus-scheduler (= 1.0.11)
  rvm-capistrano
  shoulda (= 2.10.1)
  thinking-sphinx (= 1.3.3)
  ts-delayed-delta (= 1.0.0)
  unicorn
  will_paginate (= 2.3.11)
  xml-simple (= 1.0.12)
